GIT
  remote: git://github.com/rails-api/active_model_serializers.git
  revision: d64c7e11d674235cb8f03e6a6cf4a9e03a3a2b8e
  specs:
    active_model_serializers (0.10.0.rc3)
      actionpack (>= 4.0)
      activemodel (>= 4.0)
      railties (>= 4.0)

GEM
  remote: https://rubygems.org/
  specs:
    actionmailer (4.2.3)
      actionpack (= 4.2.3)
      actionview (= 4.2.3)
      activejob (= 4.2.3)
      mail (~> 2.5, >= 2.5.4)
      rails-dom-testing (~> 1.0, >= 1.0.5)
    actionpack (4.2.3)
      actionview (= 4.2.3)
      activesupport (= 4.2.3)
      rack (~> 1.6)
      rack-test (~> 0.6.2)
      rails-dom-testing (~> 1.0, >= 1.0.5)
      rails-html-sanitizer (~> 1.0, >= 1.0.2)
    actionview (4.2.3)
      activesupport (= 4.2.3)
      builder (~> 3.1)
      erubis (~> 2.7.0)
      rails-dom-testing (~> 1.0, >= 1.0.5)
      rails-html-sanitizer (~> 1.0, >= 1.0.2)
    activejob (4.2.3)
      activesupport (= 4.2.3)
      globalid (>= 0.3.0)
    activemodel (4.2.3)
      activesupport (= 4.2.3)
      builder (~> 3.1)
    activerecord (4.2.3)
      activemodel (= 4.2.3)
      activesupport (= 4.2.3)
      arel (~> 6.0)
    activesupport (4.2.3)
      i18n (~> 0.7)
      json (~> 1.7, >= 1.7.7)
      minitest (~> 5.1)
      thread_safe (~> 0.3, >= 0.3.4)
      tzinfo (~> 1.1)
    arel (6.0.3)
    autoprefixer-rails (6.1.2)
      execjs
      json
    aws-sdk-v1 (1.66.0)
      json (~> 1.4)
      nokogiri (>= 1.4.4)
    bcrypt (3.1.10)
    benchmark-ips (2.3.0)
    better_errors (2.1.1)
      coderay (>= 1.0.0)
      erubis (>= 2.6.6)
      rack (>= 0.9.0)
    binding_of_caller (0.7.2)
      debug_inspector (>= 0.0.1)
    bootstrap-kaminari-views (0.0.5)
      kaminari (>= 0.13)
      rails (>= 3.1)
    bootstrap-multiselect-rails (0.9.9)
      rails (>= 4.0.0)
    bootstrap-sass (3.3.6)
      autoprefixer-rails (>= 5.2.1)
      sass (>= 3.3.4)
    bootstrap3-datetimepicker-rails (4.14.30)
      momentjs-rails (>= 2.8.1)
    bootsy (2.2.0)
      carrierwave (~> 0.10)
      mini_magick (~> 4.3)
      remotipart (~> 1.2)
    builder (3.2.2)
    bullet (4.14.10)
      activesupport (>= 3.0.0)
      uniform_notifier (~> 1.9.0)
    byebug (8.2.1)
    cancancan (1.13.1)
    carrierwave (0.10.0)
      activemodel (>= 3.2.0)
      activesupport (>= 3.2.0)
      json (>= 1.7)
      mime-types (>= 1.16)
    climate_control (0.0.3)
      activesupport (>= 3.0)
    cocaine (0.5.8)
      climate_control (>= 0.0.3, < 1.0)
    coderay (1.1.0)
    coffee-rails (4.1.0)
      coffee-script (>= 2.2.0)
      railties (>= 4.0.0, < 5.0)
    coffee-script (2.4.1)
      coffee-script-source
      execjs
    coffee-script-source (1.10.0)
    concurrent-ruby (1.0.0)
    connection_pool (2.2.0)
    dalli (2.7.4)
    database_cleaner (1.5.1)
    debug_inspector (0.0.2)
    delayed_paperclip (2.9.1)
      paperclip (>= 3.3)
    derailed (0.1.0)
      derailed_benchmarks
    derailed_benchmarks (1.1.3)
      benchmark-ips (~> 2)
      get_process_mem (~> 0)
      heapy (~> 0)
      memory_profiler (~> 0)
      rack (~> 1)
      rake (~> 10)
      thor (~> 0.19)
    domain_name (0.5.25)
      unf (>= 0.0.5, < 1.0.0)
    dropzonejs-rails (0.7.2)
      rails (> 3.1)
    erubis (2.7.0)
    excon (0.45.4)
    execjs (2.6.0)
    factory_girl (4.5.0)
      activesupport (>= 3.0.0)
    factory_girl_rails (4.5.0)
      factory_girl (~> 4.5.0)
      railties (>= 3.0.0)
    faker (1.6.1)
      i18n (~> 0.5)
    ffaker (2.1.0)
    get_process_mem (0.2.0)
    globalid (0.3.6)
      activesupport (>= 4.1.0)
    heapy (0.1.2)
    http-cookie (1.0.2)
      domain_name (~> 0.5)
    httparty (0.13.7)
      json (~> 1.8)
      multi_xml (>= 0.5.2)
    i18n (0.7.0)
    jbuilder (2.3.2)
      activesupport (>= 3.0.0, < 5)
      multi_json (~> 1.2)
    jquery-rails (4.0.5)
      rails-dom-testing (~> 1.0)
      railties (>= 4.2.0)
      thor (>= 0.14, < 2.0)
    jquery-turbolinks (2.1.0)
      railties (>= 3.1.0)
      turbolinks
    jquery-ui-rails (4.0.3)
      jquery-rails
      railties (>= 3.1.0)
    jquery-ui-sass-rails (4.0.3.0)
      jquery-rails
      jquery-ui-rails (= 4.0.3)
      railties (>= 3.1.0)
    json (1.8.3)
    kaminari (0.16.3)
      actionpack (>= 3.0.0)
      activesupport (>= 3.0.0)
    local_time (1.0.3)
      coffee-rails
    lograge (0.3.5)
      actionpack (>= 3)
      activesupport (>= 3)
      railties (>= 3)
    loofah (2.0.3)
      nokogiri (>= 1.5.9)
    mail (2.6.3)
      mime-types (>= 1.16, < 3)
    mandrill-api (1.0.53)
      excon (>= 0.16.0, < 1.0)
      json (>= 1.7.7, < 2.0)
    mechanize (2.7.3)
      domain_name (~> 0.5, >= 0.5.1)
      http-cookie (~> 1.0)
      mime-types (~> 2.0)
      net-http-digest_auth (~> 1.1, >= 1.1.1)
      net-http-persistent (~> 2.5, >= 2.5.2)
      nokogiri (~> 1.4)
      ntlm-http (~> 0.1, >= 0.1.1)
      webrobots (>= 0.0.9, < 0.2)
    memory_profiler (0.9.6)
    mime-types (2.99)
    mimemagic (0.3.0)
    mini_magick (4.3.6)
    mini_portile2 (2.0.0)
    minitest (5.8.3)
    momentjs-rails (2.10.6)
      railties (>= 3.1)
    multi_json (1.11.2)
    multi_xml (0.5.5)
    multipart-post (2.0.0)
    net-http-digest_auth (1.4)
    net-http-persistent (2.9.4)
    newrelic_rpm (3.14.0.305)
    nokogiri (1.6.7)
      mini_portile2 (~> 2.0.0.rc2)
    ntlm-http (0.1.1)
    paperclip (4.3.2)
      activemodel (>= 3.2.0)
      activesupport (>= 3.2.0)
      cocaine (~> 0.5.5)
      mime-types
      mimemagic (= 0.3.0)
    pg (0.18.4)
    puma (2.15.3)
    rack (1.6.4)
    rack-cors (0.4.0)
    rack-protection (1.5.3)
      rack
    rack-test (0.6.3)
      rack (>= 1.0)
    rails (4.2.3)
      actionmailer (= 4.2.3)
      actionpack (= 4.2.3)
      actionview (= 4.2.3)
      activejob (= 4.2.3)
      activemodel (= 4.2.3)
      activerecord (= 4.2.3)
      activesupport (= 4.2.3)
      bundler (>= 1.3.0, < 2.0)
      railties (= 4.2.3)
      sprockets-rails
    rails-deprecated_sanitizer (1.0.3)
      activesupport (>= 4.2.0.alpha)
    rails-dom-testing (1.0.7)
      activesupport (>= 4.2.0.beta, < 5.0)
      nokogiri (~> 1.6.0)
      rails-deprecated_sanitizer (>= 1.0.1)
    rails-html-sanitizer (1.0.2)
      loofah (~> 2.0)
    rails4-autocomplete (1.1.1)
      rails (>= 3.0)
    rails_12factor (0.0.3)
      rails_serve_static_assets
      rails_stdout_logging
    rails_serve_static_assets (0.0.4)
    rails_stdout_logging (0.0.4)
    railties (4.2.3)
      actionpack (= 4.2.3)
      activesupport (= 4.2.3)
      rake (>= 0.8.7)
      thor (>= 0.18.1, < 2.0)
    rake (10.4.2)
    rb-readline (0.5.3)
    rdoc (4.2.0)
    redis (3.2.2)
    redis-actionpack (4.0.1)
      actionpack (~> 4)
      redis-rack (~> 1.5.0)
      redis-store (~> 1.1.0)
    redis-activesupport (4.1.5)
      activesupport (>= 3, < 5)
      redis-store (~> 1.1.0)
    redis-namespace (1.5.2)
      redis (~> 3.0, >= 3.0.4)
    redis-rack (1.5.0)
      rack (~> 1.5)
      redis-store (~> 1.1.0)
    redis-rails (4.0.0)
      redis-actionpack (~> 4)
      redis-activesupport (~> 4)
      redis-store (~> 1.1.0)
    redis-store (1.1.7)
      redis (>= 2.2)
    remotipart (1.2.1)
    resque (1.22.0)
      multi_json (~> 1.0)
      redis-namespace (~> 1.0)
      sinatra (>= 0.9.2)
      vegas (~> 0.1.2)
    rolify (5.0.0)
    rollbar (1.2.13)
      multi_json (~> 1.3)
    sass (3.4.19)
    sass-rails (5.0.4)
      railties (>= 4.0.0, < 5.0)
      sass (~> 3.1)
      sprockets (>= 2.8, < 4.0)
      sprockets-rails (>= 2.0, < 4.0)
      tilt (>= 1.1, < 3)
    sdoc (0.4.1)
      json (~> 1.7, >= 1.7.7)
      rdoc (~> 4.0)
    sinatra (1.4.6)
      rack (~> 1.4)
      rack-protection (~> 1.4)
      tilt (>= 1.3, < 3)
    spring (1.5.0)
    sprockets (3.5.1)
      concurrent-ruby (~> 1.0)
      rack (> 1, < 3)
    sprockets-rails (2.3.3)
      actionpack (>= 3.0)
      activesupport (>= 3.0)
      sprockets (>= 2.8, < 4.0)
    stackprof (0.2.7)
    thor (0.19.1)
    thread_safe (0.3.5)
    tilt (2.0.1)
    turbolinks (2.5.3)
      coffee-rails
    tzinfo (1.2.2)
      thread_safe (~> 0.1)
    uglifier (2.7.2)
      execjs (>= 0.3.0)
      json (>= 1.8.0)
    unf (0.1.4)
      unf_ext
    unf_ext (0.0.7.1)
    uniform_notifier (1.9.0)
    vegas (0.1.11)
      rack (>= 1.0.0)
    web-console (2.2.1)
      activemodel (>= 4.0)
      binding_of_caller (>= 0.7.2)
      railties (>= 4.0)
      sprockets-rails (>= 2.0, < 4.0)
    webrobots (0.1.1)
    wicked_pdf (1.0.3)
    wkhtmltopdf-binary-edge (0.12.2.1)
    wkhtmltopdf-heroku (2.12.2.4)
    wuparty (1.2.5)
      httparty (>= 0.6.1)
      mime-types (>= 1.16)
      multipart-post (>= 1.0.1)

PLATFORMS
  ruby

DEPENDENCIES
  active_model_serializers!
  autoprefixer-rails
  aws-sdk-v1
  bcrypt (~> 3.1.7)
  better_errors
  bootstrap-kaminari-views
  bootstrap-multiselect-rails
  bootstrap-sass (~> 3.3.4)
  bootstrap3-datetimepicker-rails (~> 4.14.30)
  bootsy
  bullet
  byebug
  cancancan (~> 1.10)
  coffee-rails (~> 4.1.0)
  connection_pool
  dalli
  database_cleaner
  delayed_paperclip
  derailed
  dropzonejs-rails
  factory_girl_rails (~> 4.0)
  faker
  ffaker
  jbuilder (~> 2.0)
  jquery-rails
  jquery-turbolinks
  jquery-ui-sass-rails
  kaminari
  local_time
  lograge
  mandrill-api
  mechanize
  momentjs-rails (>= 2.9.0)
  newrelic_rpm
  paperclip
  pg
  puma
  rack-cors
  rails (= 4.2.3)
  rails4-autocomplete
  rails_12factor
  rb-readline
  redis-rails
  resque (~> 1.22.0)
  rolify
  rollbar (~> 1.2.7)
  sass-rails (~> 5.0)
  sdoc (~> 0.4.0)
  spring
  stackprof
  turbolinks
  uglifier (>= 1.3.0)
  web-console (~> 2.0)
  wicked_pdf
  wkhtmltopdf-binary-edge (~> 0.12.2.1)
  wkhtmltopdf-heroku (~> 2.12.2.1)
  wuparty

BUNDLED WITH
   1.11.2
