GIT
  remote: git://github.com/rails-api/active_model_serializers.git
  revision: e11859905297a737cfe43657ceddd602b0f2284f
  specs:
    active_model_serializers (0.10.0.rc4)
      actionpack (>= 4.0)
      activemodel (>= 4.0)
      railties (>= 4.0)

GEM
  remote: https://rubygems.org/
  specs:
    actionmailer (4.2.6)
      actionpack (= 4.2.6)
      actionview (= 4.2.6)
      activejob (= 4.2.6)
      mail (~> 2.5, >= 2.5.4)
      rails-dom-testing (~> 1.0, >= 1.0.5)
    actionpack (4.2.6)
      actionview (= 4.2.6)
      activesupport (= 4.2.6)
      rack (~> 1.6)
      rack-test (~> 0.6.2)
      rails-dom-testing (~> 1.0, >= 1.0.5)
      rails-html-sanitizer (~> 1.0, >= 1.0.2)
    actionview (4.2.6)
      activesupport (= 4.2.6)
      builder (~> 3.1)
      erubis (~> 2.7.0)
      rails-dom-testing (~> 1.0, >= 1.0.5)
      rails-html-sanitizer (~> 1.0, >= 1.0.2)
    activejob (4.2.6)
      activesupport (= 4.2.6)
      globalid (>= 0.3.0)
    activemodel (4.2.6)
      activesupport (= 4.2.6)
      builder (~> 3.1)
    activerecord (4.2.6)
      activemodel (= 4.2.6)
      activesupport (= 4.2.6)
      arel (~> 6.0)
    activesupport (4.2.6)
      i18n (~> 0.7)
      json (~> 1.7, >= 1.7.7)
      minitest (~> 5.1)
      thread_safe (~> 0.3, >= 0.3.4)
      tzinfo (~> 1.1)
    arel (6.0.3)
    autoprefixer-rails (6.3.3.1)
      execjs
    aws-sdk-v1 (1.52.0)
      json (~> 1.4)
      nokogiri (>= 1.4.4)
    bcrypt (3.1.11)
    bootstrap-kaminari-views (0.0.5)
      kaminari (>= 0.13)
      rails (>= 3.1)
    bootstrap-sass (3.3.6)
      autoprefixer-rails (>= 5.2.1)
      sass (>= 3.3.4)
    bootstrap3-datetimepicker-rails (4.17.37)
      momentjs-rails (>= 2.8.1)
    bootsy (2.2.1)
      carrierwave (~> 0.10)
      mini_magick (~> 4.3)
      remotipart (~> 1.2)
    builder (3.2.2)
    byebug (8.2.2)
    cancancan (1.13.1)
    carrierwave (0.11.0)
      activemodel (>= 3.2.0)
      activesupport (>= 3.2.0)
      json (>= 1.7)
      mime-types (>= 1.16)
    climate_control (0.0.3)
      activesupport (>= 3.0)
    cocaine (0.5.8)
      climate_control (>= 0.0.3, < 1.0)
    coffee-rails (4.1.1)
      coffee-script (>= 2.2.0)
      railties (>= 4.0.0, < 5.1.x)
    coffee-script (2.4.1)
      coffee-script-source
      execjs
    coffee-script-source (1.10.0)
    concurrent-ruby (1.0.1)
    connection_pool (2.2.0)
    database_cleaner (1.5.1)
    delayed_paperclip (2.9.1)
      paperclip (>= 3.3)
    domain_name (0.5.20160310)
      unf (>= 0.0.5, < 1.0.0)
    dropzonejs-rails (0.7.3)
      rails (> 3.1)
    erubis (2.7.0)
    excon (0.49.0)
    execjs (2.6.0)
    factory_girl (4.5.0)
      activesupport (>= 3.0.0)
    factory_girl_rails (4.6.0)
      factory_girl (~> 4.5.0)
      railties (>= 3.0.0)
    fast_stack (0.1.0)
      rake
      rake-compiler
    flamegraph (0.1.0)
      fast_stack
    get_process_mem (0.2.0)
    globalid (0.3.6)
      activesupport (>= 4.1.0)
    httparty (0.13.7)
      json (~> 1.8)
      multi_xml (>= 0.5.2)
    i18n (0.7.0)
    jbuilder (2.4.1)
      activesupport (>= 3.0.0, < 5.1)
      multi_json (~> 1.2)
    jquery-infinite-pages (0.2.0)
      coffee-script
      jquery-rails
      railties (>= 3.1)
    jquery-rails (4.1.1)
      rails-dom-testing (>= 1, < 3)
      railties (>= 4.2.0)
      thor (>= 0.14, < 2.0)
    jquery-turbolinks (2.1.0)
      railties (>= 3.1.0)
      turbolinks
    jquery-ui-rails (4.0.3)
      jquery-rails
      railties (>= 3.1.0)
    jquery-ui-sass-rails (4.0.3.0)
      jquery-rails
      jquery-ui-rails (= 4.0.3)
      railties (>= 3.1.0)
    json (1.8.3)
    kaminari (0.16.3)
      actionpack (>= 3.0.0)
      activesupport (>= 3.0.0)
    local_time (1.0.3)
      coffee-rails
    loofah (2.0.3)
      nokogiri (>= 1.5.9)
    mail (2.6.4)
      mime-types (>= 1.16, < 4)
    mandrill-api (1.0.53)
      excon (>= 0.16.0, < 1.0)
      json (>= 1.7.7, < 2.0)
    mechanize (2.1.1)
      domain_name (~> 0.5, >= 0.5.1)
      net-http-digest_auth (~> 1.1, >= 1.1.1)
      net-http-persistent (~> 2.4, >= 2.4.1)
      nokogiri (~> 1.4)
      ntlm-http (~> 0.1, >= 0.1.1)
      webrobots (~> 0.0, >= 0.0.9)
    memory_profiler (0.9.6)
    mime-types (3.0)
      mime-types-data (~> 3.2015)
    mime-types-data (3.2016.0221)
    mimemagic (0.3.0)
    mini_magick (4.5.1)
    mini_portile2 (2.0.0)
    minitest (5.8.4)
    momentjs-rails (2.11.0)
      railties (>= 3.1)
    multi_json (1.11.2)
    multi_xml (0.5.5)
    multipart-post (2.0.0)
    nested_form_fields (0.7.4)
      coffee-rails (>= 3.2.1)
      jquery-rails
      rails (>= 3.2.0)
    net-http-digest_auth (1.4)
    net-http-persistent (2.9.4)
    newrelic_rpm (3.15.0.314)
    nokogiri (1.6.7.2)
      mini_portile2 (~> 2.0.0.rc2)
    ntlm-http (0.1.1)
    paperclip (4.3.6)
      activemodel (>= 3.2.0)
      activesupport (>= 3.2.0)
      cocaine (~> 0.5.5)
      mime-types
      mimemagic (= 0.3.0)
    pg (0.18.4)
    puma (3.2.0)
    puma_worker_killer (0.0.5)
      get_process_mem (~> 0.2)
      puma (>= 2.7, < 4)
    rack (1.6.4)
    rack-cors (0.4.0)
    rack-mini-profiler (0.9.9.2)
      rack (>= 1.2.0)
    rack-protection (1.5.3)
      rack
    rack-test (0.6.3)
      rack (>= 1.0)
    rails (4.2.6)
      actionmailer (= 4.2.6)
      actionpack (= 4.2.6)
      actionview (= 4.2.6)
      activejob (= 4.2.6)
      activemodel (= 4.2.6)
      activerecord (= 4.2.6)
      activesupport (= 4.2.6)
      bundler (>= 1.3.0, < 2.0)
      railties (= 4.2.6)
      sprockets-rails
    rails-deprecated_sanitizer (1.0.3)
      activesupport (>= 4.2.0.alpha)
    rails-dom-testing (1.0.7)
      activesupport (>= 4.2.0.beta, < 5.0)
      nokogiri (~> 1.6.0)
      rails-deprecated_sanitizer (>= 1.0.1)
    rails-html-sanitizer (1.0.3)
      loofah (~> 2.0)
    rails4-autocomplete (1.1.1)
      rails (>= 3.0)
    rails_12factor (0.0.3)
      rails_serve_static_assets
      rails_stdout_logging
    rails_serve_static_assets (0.0.5)
    rails_stdout_logging (0.0.5)
    railties (4.2.6)
      actionpack (= 4.2.6)
      activesupport (= 4.2.6)
      rake (>= 0.8.7)
      thor (>= 0.18.1, < 2.0)
    rake (11.1.2)
    rake-compiler (0.9.7)
      rake
    rb-readline (0.5.3)
    redis (3.2.2)
    redis-actionpack (4.0.1)
      actionpack (~> 4)
      redis-rack (~> 1.5.0)
      redis-store (~> 1.1.0)
    redis-activesupport (4.1.5)
      activesupport (>= 3, < 5)
      redis-store (~> 1.1.0)
    redis-namespace (1.5.2)
      redis (~> 3.0, >= 3.0.4)
    redis-rack (1.5.0)
      rack (~> 1.5)
      redis-store (~> 1.1.0)
    redis-rails (4.0.0)
      redis-actionpack (~> 4)
      redis-activesupport (~> 4)
      redis-store (~> 1.1.0)
    redis-store (1.1.7)
      redis (>= 2.2)
    remotipart (1.2.1)
    resque (1.22.0)
      multi_json (~> 1.0)
      redis-namespace (~> 1.0)
      sinatra (>= 0.9.2)
      vegas (~> 0.1.2)
    rolify (5.0.0)
    rollbar (2.8.3)
      multi_json
    sass (3.4.22)
    sass-rails (5.0.4)
      railties (>= 4.0.0, < 5.0)
      sass (~> 3.1)
      sprockets (>= 2.8, < 4.0)
      sprockets-rails (>= 2.0, < 4.0)
      tilt (>= 1.1, < 3)
    selectize-rails (0.12.1)
    sinatra (1.4.7)
      rack (~> 1.5)
      rack-protection (~> 1.4)
      tilt (>= 1.3, < 3)
    skylight (0.10.3)
      activesupport (>= 3.0.0)
    spring (1.6.4)
    sprockets (3.5.2)
      concurrent-ruby (~> 1.0)
      rack (> 1, < 3)
    sprockets-rails (3.0.4)
      actionpack (>= 4.0)
      activesupport (>= 4.0)
      sprockets (>= 3.0.0)
    stackprof (0.2.8)
    thor (0.19.1)
    thread_safe (0.3.5)
    tilt (2.0.2)
    turbolinks (2.5.3)
      coffee-rails
    tzinfo (1.2.2)
      thread_safe (~> 0.1)
    uglifier (3.0.0)
      execjs (>= 0.3.0, < 3)
    unf (0.1.4)
      unf_ext
    unf_ext (0.0.7.2)
    vegas (0.1.11)
      rack (>= 1.0.0)
    webrobots (0.1.2)
    wicked_pdf (1.0.5)
    wkhtmltopdf-binary-edge (0.12.2.1)
    wkhtmltopdf-heroku (2.12.2.4)
    wuparty (1.2.5)
      httparty (>= 0.6.1)
      mime-types (>= 1.16)
      multipart-post (>= 1.0.1)

PLATFORMS
  ruby

DEPENDENCIES
  active_model_serializers!
  autoprefixer-rails (~> 6.3.3.1)
  aws-sdk-v1 (~> 1.52.0)
  bcrypt (~> 3.1.7)
  bootstrap-kaminari-views (~> 0.0.5)
  bootstrap-sass (>= 3.3.4)
  bootstrap3-datetimepicker-rails (>= 4.14.30)
  bootsy
  byebug (= 8.2.2)
  cancancan (~> 1.10)
  connection_pool (~> 2.2.0)
  database_cleaner
  delayed_paperclip (>= 2.9.1)
  dropzonejs-rails (~> 0.7.3)
  factory_girl_rails (~> 4.0)
  flamegraph
  jbuilder (~> 2.0)
  jquery-infinite-pages (~> 0.2.0)
  jquery-rails (~> 4.1.0)
  jquery-turbolinks (~> 2.1.0)
  jquery-ui-sass-rails (~> 4.0.3.0)
  kaminari (~> 0.16.3)
  local_time
  mandrill-api (~> 1.0.53)
  mechanize
  memory_profiler
  mime-types (~> 3.0)
  momentjs-rails (>= 2.9.0)
  nested_form_fields
  newrelic_rpm (~> 3.15.0.314)
  paperclip
  pg (~> 0.18.4)
  puma
  puma_worker_killer
  rack-cors
  rack-mini-profiler
  rails (~> 4.2.3)
  rails4-autocomplete (= 1.1.1)
  rails_12factor (= 0.0.3)
  rb-readline
  redis-rails
  resque (~> 1.22.0)
  rolify (~> 5.0.0)
  rollbar (~> 2.8.3)
  sass-rails (~> 5.0)
  selectize-rails
  skylight
  spring (= 1.6.4)
  stackprof
  turbolinks (~> 2.5.3)
  uglifier (>= 1.3.0)
  wicked_pdf (= 1.0.5)
  wkhtmltopdf-binary-edge (~> 0.12.2.1)
  wkhtmltopdf-heroku (~> 2.12.2.1)
  wuparty

BUNDLED WITH
   1.11.2
